NUGET
  remote: https://www.nuget.org/api/v2
    Tobii.StreamEngine.Native (2.2.2.363)
